PATH
  remote: .
  specs:
    datafoodconsortium-connector (1.0.0.pre.alpha.9)
      virtual_assembly-semantizer (~> 1.0, >= 1.0.5)

GEM
  remote: https://rubygems.org/
  specs:
    bcp47_spec (0.2.1)
    htmlentities (4.3.4)
    json-canonicalization (0.3.2)
    json-ld (3.3.0)
      htmlentities (~> 4.3)
      json-canonicalization (~> 0.3, >= 0.3.2)
      link_header (~> 0.0, >= 0.0.8)
      multi_json (~> 1.15)
      rack (>= 2.2, < 4)
      rdf (~> 3.3)
    link_header (0.0.8)
    minitest (5.20.0)
    multi_json (1.15.0)
    rack (3.0.8)
    rake (13.1.0)
    rdf (3.3.1)
      bcp47_spec (~> 0.2)
      link_header (~> 0.0, >= 0.0.8)
    virtual_assembly-semantizer (1.0.5)
      json-ld (~> 3.2, >= 3.2.3)

PLATFORMS
  x86_64-linux

DEPENDENCIES
  datafoodconsortium-connector!
  minitest
  rake

BUNDLED WITH
   2.4.21
