PATH
  remote: .
  specs:
    datafoodconsortium-connector (1.0.0.pre.alpha.10)
      virtual_assembly-semantizer (~> 1.0, >= 1.0.5)

GEM
  remote: https://rubygems.org/
  specs:
    bcp47_spec (0.2.1)
    diff-lcs (1.5.1)
    htmlentities (4.3.4)
    json-canonicalization (1.0.0)
    json-ld (3.3.1)
      htmlentities (~> 4.3)
      json-canonicalization (~> 1.0)
      link_header (~> 0.0, >= 0.0.8)
      multi_json (~> 1.15)
      rack (>= 2.2, < 4)
      rdf (~> 3.3)
    link_header (0.0.8)
    multi_json (1.15.0)
    rack (3.0.8)
    rdf (3.3.1)
      bcp47_spec (~> 0.2)
      link_header (~> 0.0, >= 0.0.8)
    rspec (3.13.0)
      rspec-core (~> 3.13.0)
      rspec-expectations (~> 3.13.0)
      rspec-mocks (~> 3.13.0)
    rspec-core (3.13.0)
      rspec-support (~> 3.13.0)
    rspec-expectations (3.13.0)
      diff-lcs (>= 1.2.0, < 2.0)
      rspec-support (~> 3.13.0)
    rspec-mocks (3.13.0)
      diff-lcs (>= 1.2.0, < 2.0)
      rspec-support (~> 3.13.0)
    rspec-support (3.13.1)
    virtual_assembly-semantizer (1.0.5)
      json-ld (~> 3.2, >= 3.2.3)

PLATFORMS
  x86_64-linux

DEPENDENCIES
  datafoodconsortium-connector!
  rspec

BUNDLED WITH
   2.4.21
